GEM
  remote: http://rubygems.org/
  specs:
    bbcoder (0.1.5)
    choice (0.1.4)
    highline (1.6.9)
    mysql (2.8.1)
    nokogiri (1.5.0)

PLATFORMS
  ruby

DEPENDENCIES
  bbcoder
  choice
  highline
  mysql
  nokogiri
